GEM
  remote: http://rubygems.org/
  specs:
    grape (0.1.3)
      json
      multi_json
      multi_xml
      rack
      rack-jsonp
      rack-mount (~> 0.6.13)
    json (1.5.1)
    multi_json (0.0.5)
    multi_xml (0.2.1)
    rack (1.2.1)
    rack-jsonp (1.1.0)
      rack
    rack-mount (0.6.13)
      rack (>= 1.0.0)
    sinatra (1.1.2)
      rack (~> 1.1)
      tilt (~> 1.2)
    tilt (1.2.2)

PLATFORMS
  ruby

DEPENDENCIES
  grape
  sinatra
